GEM
  remote: https://rubygems.org/
  specs:
    diff-lcs (1.2.4)
    geoip (1.3.3)
    mini_portile (0.5.2)
    nokogiri (1.6.0)
      mini_portile (~> 0.5.0)
    rake (10.1.0)
    rspec (2.14.1)
      rspec-core (~> 2.14.0)
      rspec-expectations (~> 2.14.0)
      rspec-mocks (~> 2.14.0)
    rspec-core (2.14.7)
    rspec-expectations (2.14.3)
      diff-lcs (>= 1.1.3, < 2.0)
    rspec-mocks (2.14.4)
    trollop (2.0)

PLATFORMS
  ruby

DEPENDENCIES
  geoip
  nokogiri
  rake
  rspec
  trollop
